GEM
  remote: https://rubygems.org/
  specs:
    serialport (1.3.1)

PLATFORMS
  ruby

DEPENDENCIES
  serialport

RUBY VERSION
   ruby 2.4.1p111

BUNDLED WITH
   1.14.6
